PATH
  remote: .
  specs:
    graphorrhea (0.1.0)

GEM
  remote: https://rubygems.org/
  specs:
    concurrent-ruby (1.0.5)
    diff-lcs (1.3)
    dry-configurable (0.7.0)
      concurrent-ruby (~> 1.0)
    rake (10.4.2)
    rspec (3.6.0)
      rspec-core (~> 3.6.0)
      rspec-expectations (~> 3.6.0)
      rspec-mocks (~> 3.6.0)
    rspec-core (3.6.0)
      rspec-support (~> 3.6.0)
    rspec-expectations (3.6.0)
      diff-lcs (>= 1.2.0, < 2.0)
      rspec-support (~> 3.6.0)
    rspec-mocks (3.6.0)
      diff-lcs (>= 1.2.0, < 2.0)
      rspec-support (~> 3.6.0)
    rspec-support (3.6.0)

PLATFORMS
  ruby

DEPENDENCIES
  bundler (~> 1.14)
  dry-configurable (~> 0.7)
  graphorrhea!
  rake (~> 10.0)
  rspec (~> 3.0)

BUNDLED WITH
   1.14.6
